GEM
  remote: https://rubygems.org/
  specs:
    concurrent-ruby (1.1.8)
    hanami-controller (1.3.3)
      hanami-utils (~> 1.3)
      rack (~> 2.0)
    hanami-router (1.3.2)
      hanami-utils (~> 1.3)
      http_router (= 0.11.2)
      rack (~> 2.0)
    hanami-utils (1.3.7)
      concurrent-ruby (~> 1.0)
      transproc (~> 1.0)
    http_router (0.11.2)
      rack (>= 1.0.0)
      url_mount (~> 0.2.1)
    nio4r (2.5.5)
    puma (5.2.1)
      nio4r (~> 2.0)
    rack (2.2.3)
    transproc (1.1.1)
    url_mount (0.2.1)
      rack

PLATFORMS
  ruby

DEPENDENCIES
  hanami-controller (~> 1.3)
  hanami-router (~> 1.3)
  puma (~> 5.2)
  rack (~> 2.2)

BUNDLED WITH
   2.1.4
