GEM
  remote: https://rubygems.org/
  specs:
    eventmachine (1.2.7)
    faraday (1.3.0)
      faraday-net_http (~> 1.0)
      multipart-post (>= 1.2, < 3)
      ruby2_keywords
    faraday-net_http (1.0.1)
    ksuid (0.2.0)
    multipart-post (2.1.1)
    nats (0.11.0)
      eventmachine (~> 1.2, >= 1.2)
    ruby2_keywords (0.0.4)

PLATFORMS
  ruby

DEPENDENCIES
  faraday (~> 1.3)
  ksuid (~> 0.2.0)
  nats (~> 0.11.0)

BUNDLED WITH
   2.1.4
